PATH
  remote: .
  specs:
    pinny (0.1.2)

GEM
  remote: https://rubygems.org/
  specs:
    rake (10.1.0)

PLATFORMS
  ruby

DEPENDENCIES
  pinny!
  rake
